GEM
  remote: http://rubygems.org/
  specs:
    configuration (1.3.1)
    gruff (0.3.6)
    heroku (2.3.3)
      launchy (>= 0.3.2)
      rest-client (~> 1.6.1)
      term-ansicolor (~> 1.0.5)
    launchy (0.4.0)
      configuration (>= 0.0.5)
      rake (>= 0.8.1)
    mime-types (1.16)
    rack (1.3.2)
    rake (0.9.2)
    rest-client (1.6.3)
      mime-types (>= 1.16)
    rmagick (2.13.1)
    sinatra (1.2.6)
      rack (~> 1.1)
      tilt (< 2.0, >= 1.2.2)
    sparklines (0.5.2)
    term-ansicolor (1.0.6)
    tilt (1.3.2)

PLATFORMS
  ruby

DEPENDENCIES
  gruff
  heroku
  rest-client
  rmagick
  sinatra
  sparklines
