GEM
  remote: http://rubygems.org/
  specs:
    gruff (0.3.6)
    mime-types (1.16)
    rack (1.3.2)
    rest-client (1.6.3)
      mime-types (>= 1.16)
    sinatra (1.2.6)
      rack (~> 1.1)
      tilt (< 2.0, >= 1.2.2)
    sparklines (0.5.2)
    tilt (1.3.2)

PLATFORMS
  ruby

DEPENDENCIES
  gruff
  rest-client
  sinatra
  sparklines
